PATH
  remote: .
  specs:
    sidekiq_hero (0.1.0)
      sidekiq (>= 3.0)

GEM
  remote: https://rubygems.org/
  specs:
    connection_pool (2.2.5)
    diff-lcs (1.3)
    rack (2.2.3)
    rake (10.5.0)
    redis (4.5.1)
    rspec (3.8.0)
      rspec-core (~> 3.8.0)
      rspec-expectations (~> 3.8.0)
      rspec-mocks (~> 3.8.0)
    rspec-core (3.8.0)
      rspec-support (~> 3.8.0)
    rspec-expectations (3.8.2)
      diff-lcs (>= 1.2.0, < 2.0)
      rspec-support (~> 3.8.0)
    rspec-mocks (3.8.0)
      diff-lcs (>= 1.2.0, < 2.0)
      rspec-support (~> 3.8.0)
    rspec-support (3.8.0)
    sidekiq (6.4.0)
      connection_pool (>= 2.2.2)
      rack (~> 2.0)
      redis (>= 4.2.0)
    timecop (0.9.1)

PLATFORMS
  ruby

DEPENDENCIES
  bundler (~> 1.16)
  rake (~> 10.0)
  rspec (~> 3.8)
  sidekiq_hero!
  timecop

BUNDLED WITH
   1.16.1
